GEM
  remote: https://rubygems.org/
  specs:
    rake (10.4.2)
    redcarpet (3.5.1)

PLATFORMS
  ruby
  x64-mingw-ucrt
  x64-mingw32

DEPENDENCIES
  rake
  redcarpet

BUNDLED WITH
   2.4.1
