GEM
  remote: https://rubygems.org/
  specs:
    kramdown (1.5.0)
    rake (10.4.2)
    sass (3.4.9)

PLATFORMS
  ruby
  x64-mingw32

DEPENDENCIES
  kramdown
  rake
  sass

BUNDLED WITH
   2.2.4
